GEM
  remote: http://rubygems.org/
  specs:
    addressable (2.3.2)
    em-websocket (0.3.8)
      addressable (>= 2.1.1)
      eventmachine (>= 0.12.9)
    eventmachine (1.0.0)
    eventmachine (1.0.0-java)
    web-socket-ruby (0.1.0)

PLATFORMS
  java

DEPENDENCIES
  em-websocket
  web-socket-ruby
